GEM
  remote: http://rubygems.org/
  specs:
    guard (0.8.8)
      thor (~> 0.14.6)
    guard-shell (0.4.0)
      guard (>= 0.2.0)
    thor (0.14.6)

PLATFORMS
  ruby

DEPENDENCIES
  guard (= 0.8.8)
  guard-shell
